PATH
  remote: .
  specs:
    consul-template-generator (0.3.5)
      diffy (~> 3.0)
      diplomat (~> 0.13)
      popen4 (~> 0.1)

GEM
  remote: https://rubygems.org/
  specs:
    Platform (0.4.2)
    addressable (2.5.2)
      public_suffix (>= 2.0.2, < 4.0)
    ansi (1.5.0)
    crack (0.4.3)
      safe_yaml (~> 1.0.0)
    diff-lcs (1.3)
    diffy (3.3.0)
    diplomat (0.19.0)
      faraday (~> 0.9)
      json
    docile (1.3.1)
    faraday (0.15.4)
      multipart-post (>= 1.2, < 3)
    hashdiff (0.3.8)
    hirb (0.7.3)
    json (2.1.0)
    multipart-post (2.0.0)
    open4 (1.3.4)
    popen4 (0.1.2)
      Platform (>= 0.4.0)
      open4 (>= 0.4.0)
    public_suffix (3.0.3)
    rack (1.6.11)
    rake (10.5.0)
    rspec (3.8.0)
      rspec-core (~> 3.8.0)
      rspec-expectations (~> 3.8.0)
      rspec-mocks (~> 3.8.0)
    rspec-core (3.8.0)
      rspec-support (~> 3.8.0)
    rspec-expectations (3.8.2)
      diff-lcs (>= 1.2.0, < 2.0)
      rspec-support (~> 3.8.0)
    rspec-mocks (3.8.0)
      diff-lcs (>= 1.2.0, < 2.0)
      rspec-support (~> 3.8.0)
    rspec-support (3.8.0)
    safe_yaml (1.0.4)
    simplecov (0.16.1)
      docile (~> 1.1)
      json (>= 1.8, < 3)
      simplecov-html (~> 0.10.0)
    simplecov-console (0.4.2)
      ansi
      hirb
      simplecov
    simplecov-html (0.10.2)
    webmock (1.24.6)
      addressable (>= 2.3.6)
      crack (>= 0.3.2)
      hashdiff

PLATFORMS
  ruby

DEPENDENCIES
  bundler (~> 1.7)
  consul-template-generator!
  rack (~> 1.6)
  rake (~> 10.0)
  rspec (~> 3.3)
  simplecov (~> 0.10)
  simplecov-console (~> 0.2)
  webmock (~> 1.21)

BUNDLED WITH
   1.16.2
